GEM
  remote: http://rubygems.org/
  specs:
    ccsv (0.1)

PLATFORMS
  ruby

DEPENDENCIES
  ccsv
